GIT
  remote: git://github.com/datamapper/dm-types.git
  revision: 674738f
  ref: 674738f2a94788b975e9
  specs:
    dm-types (1.0.0)
      dm-core (~> 1.0.0)
      fastercsv (~> 1.5.3)
      json_pure (~> 1.4.3)
      stringex (~> 1.1.0)
      uuidtools (~> 2.1.1)

GEM
  remote: http://rubygems.org/
  specs:
    addressable (2.2.1)
    columnize (0.3.1)
    data_objects (0.10.2)
      addressable (~> 2.1)
    dataflow (0.3.1)
    dm-aggregates (1.0.2)
      dm-core (~> 1.0.2)
    dm-core (1.0.2)
      addressable (~> 2.2)
      extlib (~> 0.9.15)
    dm-do-adapter (1.0.2)
      data_objects (~> 0.10.2)
      dm-core (~> 1.0.2)
    dm-is-remixable (1.0.2)
      dm-core (~> 1.0.2)
    dm-migrations (1.0.2)
      dm-core (~> 1.0.2)
    dm-sqlite-adapter (1.0.2)
      dm-do-adapter (~> 1.0.2)
      do_sqlite3 (~> 0.10.2)
    dm-timestamps (1.0.2)
      dm-core (~> 1.0.2)
    dm-validations (1.0.2)
      dm-core (~> 1.0.2)
    do_sqlite3 (0.10.2)
      data_objects (= 0.10.2)
    extlib (0.9.15)
    fastercsv (1.5.3)
    gemcutter (0.6.1)
    git (1.2.5)
    jeweler (1.4.0)
      gemcutter (>= 0.1.0)
      git (>= 1.2.5)
      rubyforge (>= 2.0.0)
    json_pure (1.4.6)
    linecache (0.43)
    rake (0.8.7)
    rspec (1.3.0)
    ruby-debug (0.10.3)
      columnize (>= 0.1)
      ruby-debug-base (~> 0.10.3.0)
    ruby-debug-base (0.10.3)
      linecache (>= 0.3)
    rubyforge (2.0.4)
      json_pure (>= 1.1.7)
    stringex (1.1.0)
    uuidtools (2.1.1)
    yard (0.6.1)
    yogo-operation (0.1.1)
      dataflow
      yogo-support (~> 0.1.0)
    yogo-support (0.1.1)

PLATFORMS
  ruby

DEPENDENCIES
  dm-aggregates (~> 1.0.0)
  dm-core (~> 1.0.0)
  dm-is-remixable (~> 1.0.0)
  dm-migrations (~> 1.0.0)
  dm-sqlite-adapter
  dm-timestamps (~> 1.0.0)
  dm-types (~> 1.0.0)!
  dm-validations (~> 1.0.0)
  jeweler
  rake
  rspec
  ruby-debug
  yard
  yogo-operation
  yogo-support (~> 0.1.1)
